GEM
  remote: https://rubygems.org/
  specs:
    coderay (1.1.3)
    csv (3.2.2)
    method_source (1.0.0)
    pry (0.14.1)
      coderay (~> 1.1)
      method_source (~> 1.0)

PLATFORMS
  universal-darwin-21

DEPENDENCIES
  csv
  pry

BUNDLED WITH
   2.3.5
